PATH
  remote: .
  specs:
    copyscape (1.0.0)
      httparty (>= 0.8.1)
      nokogiri (~> 1.5)

GEM
  remote: https://rubygems.org/
  specs:
    httparty (0.20.0)
      mime-types (~> 3.0)
      multi_xml (>= 0.5.2)
    mime-types (3.4.1)
      mime-types-data (~> 3.2015)
    mime-types-data (3.2022.0105)
    mini_portile2 (2.7.1)
    minitest (5.15.0)
    mocha (1.13.0)
    multi_xml (0.6.0)
    nokogiri (1.13.0)
      mini_portile2 (~> 2.7.0)
      racc (~> 1.4)
    racc (1.6.0)
    rake (13.0.6)
    shoulda-context (2.0.0)

PLATFORMS
  ruby

DEPENDENCIES
  copyscape!
  minitest
  mocha
  rake
  shoulda-context

BUNDLED WITH
   2.1.4
